NUGET
  remote: https://api.nuget.org/v3/index.json
    AvalonEdit (6.3.0.90) - restriction: >= net45
    Castle.Core (5.1.1) - restriction: >= net45
      System.Diagnostics.EventLog (>= 4.7) - restriction: || (&& (< net462) (>= netstandard2.0)) (&& (< net462) (< netstandard2.0))
      System.Diagnostics.EventLog (>= 6.0) - restriction: && (< net462) (< netstandard2.0)
    CodingConnected.Topology (1.3)
    CommonServiceLocator (2.0.7) - restriction: >= net45
      NETStandard.Library (>= 1.6.1) - restriction: && (< net46) (< netcoreapp1.0) (>= netstandard1.0) (< netstandard2.0)
      System.ComponentModel (>= 4.3) - restriction: && (< net46) (< netcoreapp1.0) (>= netstandard1.0) (< netstandard2.0)
    DocumentFormat.OpenXml (3.2) - restriction: >= net45
      DocumentFormat.OpenXml.Framework (>= 3.2)
    DocumentFormat.OpenXml.Framework (3.2) - restriction: || (&& (< net35) (>= net45) (>= netstandard2.0)) (&& (>= net45) (< netstandard2.0)) (>= net46)
    Extended.Wpf.Toolkit (4.5) - restriction: >= net45
    FlaUI.Core (4.0)
      Microsoft.Win32.Registry (>= 5.0)
      System.Diagnostics.PerformanceCounter (>= 5.0.1)
      System.Drawing.Common (>= 5.0.2)
      System.Management (>= 5.0)
      System.Security.Permissions (>= 5.0)
    FlaUI.UIA3 (4.0)
      FlaUI.Core (>= 4.0)
      Interop.UIAutomationClient (>= 10.19041)
    GitVersionTask (5.5.1) - restriction: >= net45
    gong-wpf-dragdrop (3.2.1) - restriction: >= net45
    Gu.Wpf.DataGrid2D (0.2.4) - restriction: >= net45
    InputSimulator (1.0.4) - restriction: >= net45
    Interop.UIAutomationClient (10.19041)
    Markdown.XAML (1.0)
    Microsoft.NETCore.Platforms (7.0.2) - restriction: || (&& (>= net45) (< netstandard1.0)) (&& (>= net45) (< netstandard1.3)) (&& (>= net45) (< netstandard1.5) (>= uap10.0)) (&& (>= net45) (< portable-net45+win8+wpa81)) (&& (>= net45) (>= uap10.1)) (&& (>= net45) (>= wp8)) (&& (< net46) (>= net461) (< netstandard2.0)) (>= netcoreapp2.0) (>= netcoreapp2.1)
    Microsoft.Win32.Primitives (4.3) - restriction: || (&& (>= monoandroid) (>= netstandard1.3)) (>= monotouch) (&& (< net46) (>= net461) (< netstandard2.0)) (&& (>= netcoreapp2.0) (< netstandard2.0)) (&& (>= netcoreapp2.1) (< netstandard2.0)) (>= xamarinios) (>= xamarinmac) (>= xamarintvos) (>= xamarinwatchos)
    Microsoft.Win32.Registry (5.0)
      NETStandard.Library (>= 1.6.1) - restriction: && (< monoandroid) (< monotouch) (< net46) (>= netstandard1.3) (< netstandard2.0) (< uap10.1) (< xamarinios) (< xamarinmac) (< xamarintvos) (< xamarinwatchos)
      System.Buffers (>= 4.5.1) - restriction: || (>= monoandroid) (>= monotouch) (&& (< net46) (< netcoreapp2.0) (< netcoreapp2.1) (>= netstandard2.0)) (>= xamarinios) (>= xamarinmac) (>= xamarintvos) (>= xamarinwatchos)
      System.Memory (>= 4.5.4) - restriction: || (&& (< net46) (< netcoreapp2.1) (>= netstandard2.0)) (>= netcoreapp2.0) (>= uap10.1)
      System.Security.AccessControl (>= 5.0) - restriction: || (>= monoandroid) (>= monotouch) (&& (< net46) (>= netstandard2.0)) (>= net461) (>= netcoreapp2.0) (>= netcoreapp2.1) (>= uap10.1) (>= xamarinios) (>= xamarinmac) (>= xamarintvos) (>= xamarinwatchos)
      System.Security.Principal.Windows (>= 5.0) - restriction: || (>= monoandroid) (>= monotouch) (&& (< net46) (>= netstandard2.0)) (>= net461) (>= netcoreapp2.0) (>= netcoreapp2.1) (>= uap10.1) (>= xamarinios) (>= xamarinmac) (>= xamarintvos) (>= xamarinwatchos)
    Microsoft.Win32.SystemEvents (7.0) - restriction: && (< net462) (< netstandard2.0)
    Microsoft.WindowsAPICodePack.Core (1.1) - restriction: >= net45
    Microsoft.WindowsAPICodePack.Shell (1.1) - restriction: >= net45
      Microsoft.WindowsAPICodePack.Core (>= 1.1)
    MvvmLightLibs (5.4.1.1) - restriction: >= net45
      CommonServiceLocator (>= 2.0.2) - restriction: || (>= monoandroid) (&& (< net35) (>= portable-net45+uap10.0+monoandroid+xamarinios+win8+wp81+wpa81) (< win81) (< wpa81)) (&& (>= net40) (< portable-net45+uap10.0+monoandroid+xamarinios+win8+wp81+wpa81)) (>= net45) (>= uap10.0) (&& (>= win81) (< wpa81)) (&& (< win81) (>= wpa81)) (>= wp81) (>= xamarinios)
    NETStandard.Library (2.0.3) - restriction: || (&& (< monoandroid) (< monotouch) (< net46) (>= netstandard1.3) (< netstandard2.0) (< uap10.1) (< xamarinios) (< xamarinmac) (< xamarintvos) (< xamarinwatchos)) (&& (>= net45) (< net46) (< netstandard2.0))
      Microsoft.NETCore.Platforms (>= 1.1) - restriction: || (&& (>= net45) (< netstandard1.3)) (&& (< net45) (>= netstandard1.1) (< netstandard1.2) (< win8)) (&& (< net45) (>= netstandard1.2) (< netstandard1.3) (< win8) (< wpa81)) (&& (< net45) (>= netstandard1.3) (< netstandard1.4) (< win8) (< wpa81)) (&& (< net45) (>= netstandard1.4) (< netstandard1.5) (< win8) (< wpa81)) (&& (< net45) (>= netstandard1.5) (< netstandard1.6) (< win8) (< wpa81)) (&& (< net45) (>= netstandard1.6) (< netstandard2.0) (< win8) (< wpa81)) (&& (< net45) (>= netstandard2.0)) (&& (>= net46) (< netstandard1.4)) (>= net461) (>= netcoreapp2.0) (&& (>= netstandard1.0) (< portable-net45+win8+wpa81)) (&& (< netstandard1.0) (>= portable-net45+win8) (< win8)) (&& (< netstandard1.0) (< portable-net45+win8) (>= portable-net45+win8+wpa81)) (&& (< netstandard1.0) (>= portable-net45+win8+wp8+wpa81) (< portable-net45+win8+wpa81)) (&& (< netstandard1.0) (>= win8)) (&& (< netstandard1.3) (< win8) (>= wpa81)) (&& (< netstandard1.5) (>= uap10.0)) (>= uap10.1) (>= wp8)
      System.Runtime.InteropServices.RuntimeInformation (>= 4.3) - restriction: || (&& (>= net45) (< netstandard1.3)) (&& (< net45) (>= netstandard1.1) (< netstandard1.2) (< win8)) (&& (< net45) (>= netstandard1.2) (< netstandard1.3) (< win8) (< wpa81)) (&& (< net45) (>= netstandard1.3) (< netstandard1.4) (< win8) (< wpa81)) (&& (< net45) (>= netstandard1.4) (< netstandard1.5) (< win8) (< wpa81)) (&& (< net45) (>= netstandard1.5) (< netstandard1.6) (< win8) (< wpa81)) (&& (< net45) (>= netstandard1.6) (< netstandard2.0) (< win8) (< wpa81)) (&& (>= net46) (< netstandard1.4)) (&& (< netstandard1.0) (>= portable-net45+win8) (< win8)) (&& (< netstandard1.0) (< portable-net45+win8) (>= portable-net45+win8+wpa81)) (&& (< netstandard1.0) (>= win8)) (&& (< netstandard1.3) (< win8) (>= wpa81)) (&& (< netstandard1.5) (>= uap10.0) (< uap10.1))
    NewtonSoft.Json (13.0.3) - restriction: >= net45
    NSubstitute (5.0) - restriction: >= net45
      Castle.Core (>= 5.0)
      System.Threading.Tasks.Extensions (>= 4.3) - restriction: || (>= net462) (>= netstandard2.0)
    NUnit (3.13.3) - restriction: >= net45
    System.Buffers (4.5.1) - restriction: || (>= monoandroid) (>= monotouch) (&& (>= net45) (>= uap10.1)) (&& (< net45) (< netcoreapp2.0) (< netcoreapp2.1) (>= netstandard2.0)) (&& (< net46) (>= net461) (>= netstandard2.0)) (&& (< net46) (< netcoreapp2.0) (< netcoreapp2.1) (>= netstandard2.0)) (&& (>= net461) (>= netcoreapp2.0)) (&& (>= net461) (>= uap10.1)) (&& (>= netcoreapp2.0) (< netstandard1.1)) (&& (>= netcoreapp2.0) (< netstandard2.0)) (&& (< netstandard1.1) (>= netstandard2.0) (>= win8)) (&& (< netstandard1.1) (>= netstandard2.0) (< win8)) (&& (< netstandard1.1) (>= uap10.1)) (&& (>= netstandard2.0) (>= uap10.1)) (&& (>= uap10.1) (< win8) (< wpa81)) (>= xamarinios) (>= xamarinmac) (>= xamarintvos) (>= xamarinwatchos)
      System.Diagnostics.Debug (>= 4.3) - restriction: && (< net45) (>= netstandard1.1) (< netstandard2.0) (< win8) (< wpa81)
      System.Diagnostics.Tracing (>= 4.3) - restriction: && (< net45) (>= netstandard1.1) (< netstandard2.0) (< win8) (< wpa81)
      System.Resources.ResourceManager (>= 4.3) - restriction: && (< net45) (>= netstandard1.1) (< netstandard2.0) (< win8) (< wpa81)
      System.Runtime (>= 4.3) - restriction: && (< net45) (>= netstandard1.1) (< netstandard2.0) (< win8) (< wpa81)
      System.Threading (>= 4.3) - restriction: && (< net45) (>= netstandard1.1) (< netstandard2.0) (< win8) (< wpa81)
    System.CodeDom (7.0)
    System.Collections (4.3) - restriction: || (&& (>= monoandroid) (>= netstandard1.3)) (>= monotouch) (&& (< net46) (>= net461) (< netstandard2.0)) (&& (>= netcoreapp2.0) (< netstandard2.0)) (&& (>= netcoreapp2.1) (< netstandard2.0)) (>= xamarinios) (>= xamarinmac) (>= xamarintvos) (>= xamarinwatchos)
    System.ComponentModel (4.3) - restriction: && (>= net45) (< net46) (< netstandard2.0)
    System.Configuration.ConfigurationManager (7.0) - restriction: && (< net462) (< netstandard2.0)
      System.Diagnostics.EventLog (>= 7.0) - restriction: && (< net462) (< netstandard2.0)
      System.Security.Cryptography.ProtectedData (>= 7.0) - restriction: || (&& (< net462) (>= netstandard2.0)) (&& (< net462) (< netstandard2.0))
      System.Security.Permissions (>= 7.0)
    System.Diagnostics.Debug (4.3) - restriction: || (&& (>= monoandroid) (>= netstandard1.3)) (>= monotouch) (&& (< net46) (>= net461) (< netstandard2.0)) (&& (>= netcoreapp2.0) (< netstandard2.0)) (&& (>= netcoreapp2.1) (< netstandard2.0)) (>= xamarinios) (>= xamarinmac) (>= xamarintvos) (>= xamarinwatchos)
    System.Diagnostics.EventLog (7.0) - restriction: || (&& (>= net45) (< net462) (>= netstandard2.0)) (&& (< net462) (< netstandard2.0))
    System.Diagnostics.PerformanceCounter (7.0)
      System.Configuration.ConfigurationManager (>= 7.0) - restriction: && (< net462) (< netstandard2.0)
    System.Diagnostics.Tracing (4.3) - restriction: || (&& (>= monoandroid) (>= netstandard1.1)) (>= monotouch) (>= xamarinios) (>= xamarinmac) (>= xamarintvos) (>= xamarinwatchos)
    System.Drawing.Common (7.0)
      Microsoft.Win32.SystemEvents (>= 7.0) - restriction: && (< net462) (< netstandard2.0)
    System.Management (7.0.1)
      System.CodeDom (>= 7.0)
    System.Memory (4.5.5) - restriction: || (&& (< net46) (< netcoreapp2.1) (>= netstandard2.0)) (>= netcoreapp2.0) (>= uap10.1)
      System.Buffers (>= 4.5.1) - restriction: || (>= monoandroid) (>= monotouch) (&& (>= net45) (< netstandard2.0)) (&& (< net45) (< netcoreapp2.0) (< netcoreapp2.1) (>= netstandard2.0)) (&& (< net45) (>= netstandard1.1) (< netstandard2.0) (< win8) (< wpa81)) (>= net461) (&& (< netstandard1.1) (>= portable-net45+win8+wpa81) (< win8)) (&& (< netstandard1.1) (>= win8)) (&& (< netstandard2.0) (< uap10.1) (>= wpa81)) (>= xamarinios) (>= xamarinmac) (>= xamarintvos) (>= xamarinwatchos)
      System.Numerics.Vectors (>= 4.4) - restriction: && (< net45) (< netcoreapp2.0) (< netcoreapp2.1) (>= netstandard2.0)
      System.Runtime.CompilerServices.Unsafe (>= 4.5.3) - restriction: || (>= monoandroid) (>= monotouch) (&& (>= net45) (< netstandard2.0)) (&& (< net45) (< netcoreapp2.1) (>= netstandard2.0)) (&& (< net45) (>= netstandard1.1) (< netstandard2.0) (< win8) (< wpa81)) (>= net461) (>= netcoreapp2.0) (&& (< netstandard1.1) (>= portable-net45+win8+wpa81) (< win8)) (&& (< netstandard1.1) (>= win8)) (&& (< netstandard2.0) (>= wpa81)) (>= uap10.1) (>= xamarinios) (>= xamarinmac) (>= xamarintvos) (>= xamarinwatchos)
    System.Numerics.Vectors (4.5) - restriction: || (&& (< net45) (< netcoreapp2.0) (< netcoreapp2.1) (>= netstandard2.0)) (&& (>= netstandard2.0) (>= uap10.1))
    System.Reflection (4.3) - restriction: || (&& (>= monoandroid) (>= netstandard1.3)) (>= monotouch) (&& (< net46) (>= net461) (< netstandard2.0)) (&& (>= netcoreapp2.0) (< netstandard2.0)) (&& (>= netcoreapp2.1) (< netstandard2.0)) (>= xamarinios) (>= xamarinmac) (>= xamarintvos) (>= xamarinwatchos)
    System.Resources.ResourceManager (4.3) - restriction: || (&& (>= monoandroid) (>= netstandard1.3)) (>= monotouch) (&& (< net46) (>= net461) (< netstandard2.0)) (&& (>= netcoreapp2.0) (< netstandard2.0)) (&& (>= netcoreapp2.1) (< netstandard2.0)) (>= xamarinios) (>= xamarinmac) (>= xamarintvos) (>= xamarinwatchos)
    System.Runtime (4.3.1) - restriction: || (&& (>= monoandroid) (>= netstandard1.3)) (>= monotouch) (&& (< net46) (>= net461) (< netstandard2.0)) (&& (>= netcoreapp2.0) (< netstandard2.0)) (&& (>= netcoreapp2.1) (< netstandard2.0)) (>= xamarinios) (>= xamarinmac) (>= xamarintvos) (>= xamarinwatchos)
    System.Runtime.CompilerServices.Unsafe (6.0) - restriction: || (&& (>= monoandroid) (>= netstandard2.0)) (&& (>= monotouch) (>= netstandard2.0)) (&& (>= net45) (< netstandard1.0) (>= netstandard2.0)) (&& (>= net45) (>= netstandard2.0) (>= wp8)) (&& (< net45) (< netcoreapp2.1) (>= netstandard2.0)) (&& (>= net461) (>= netstandard2.0)) (>= net462) (>= netcoreapp2.0) (&& (< netstandard1.1) (>= netstandard2.0) (>= win8)) (&& (< netstandard1.1) (>= netstandard2.0) (< win8)) (&& (>= netstandard2.0) (>= xamarinios)) (&& (>= netstandard2.0) (>= xamarinmac)) (&& (>= netstandard2.0) (>= xamarintvos)) (&& (>= netstandard2.0) (>= xamarinwatchos)) (>= uap10.1)
    System.Runtime.Extensions (4.3.1) - restriction: || (&& (>= monoandroid) (>= netstandard1.3)) (>= monotouch) (&& (< net46) (>= net461) (< netstandard2.0)) (&& (>= netcoreapp2.0) (< netstandard2.0)) (&& (>= netcoreapp2.1) (< netstandard2.0)) (>= xamarinios) (>= xamarinmac) (>= xamarintvos) (>= xamarinwatchos)
    System.Runtime.Handles (4.3) - restriction: || (&& (>= monoandroid) (>= netstandard1.3)) (>= monotouch) (&& (< net46) (>= net461) (< netstandard2.0)) (&& (>= netcoreapp2.0) (< netstandard2.0)) (&& (>= netcoreapp2.1) (< netstandard2.0)) (>= xamarinios) (>= xamarinmac) (>= xamarintvos) (>= xamarinwatchos)
    System.Runtime.InteropServices (4.3) - restriction: || (&& (>= monoandroid) (>= netstandard1.3)) (>= monotouch) (&& (< net46) (>= net461) (< netstandard2.0)) (&& (>= netcoreapp2.0) (< netstandard2.0)) (&& (>= netcoreapp2.1) (< netstandard2.0)) (>= xamarinios) (>= xamarinmac) (>= xamarintvos) (>= xamarinwatchos)
    System.Runtime.InteropServices.RuntimeInformation (4.3) - restriction: || (&& (>= net45) (< netstandard1.0)) (&& (>= net45) (< netstandard1.3)) (&& (>= net45) (< netstandard1.5) (>= uap10.0))
    System.Security.AccessControl (6.0) - restriction: || (>= monoandroid) (>= monotouch) (>= net461) (>= netstandard2.0) (>= uap10.1) (>= xamarinios) (>= xamarinmac) (>= xamarintvos) (>= xamarinwatchos)
      System.Security.Principal.Windows (>= 5.0) - restriction: || (>= net461) (>= netstandard2.0)
    System.Security.Claims (4.3) - restriction: || (&& (>= monoandroid) (>= net46)) (&& (>= monoandroid) (>= netstandard1.3)) (>= monotouch) (&& (>= net46) (>= uap10.1)) (&& (< net46) (>= net461) (< netstandard2.0)) (&& (>= netcoreapp2.0) (< netstandard2.0)) (&& (>= netcoreapp2.1) (< netstandard2.0)) (>= xamarinios) (>= xamarinmac) (>= xamarintvos) (>= xamarinwatchos)
    System.Security.Cryptography.ProtectedData (7.0.1) - restriction: && (< net462) (< netstandard2.0)
    System.Security.Permissions (7.0)
      System.Security.AccessControl (>= 6.0) - restriction: || (>= net462) (>= netstandard2.0)
      System.Windows.Extensions (>= 7.0) - restriction: && (< net462) (< netstandard2.0)
    System.Security.Principal (4.3) - restriction: || (&& (>= monoandroid) (>= netstandard1.3)) (>= monotouch) (&& (< net46) (>= net461) (< netstandard2.0)) (&& (>= netcoreapp2.0) (< netstandard2.0)) (&& (>= netcoreapp2.1) (< netstandard2.0)) (>= xamarinios) (>= xamarinmac) (>= xamarintvos) (>= xamarinwatchos)
    System.Security.Principal.Windows (5.0) - restriction: || (>= monoandroid) (>= monotouch) (>= net461) (>= netstandard2.0) (>= uap10.1) (>= xamarinios) (>= xamarinmac) (>= xamarintvos) (>= xamarinwatchos)
      Microsoft.NETCore.Platforms (>= 5.0) - restriction: || (>= netcoreapp2.0) (>= netcoreapp2.1)
      Microsoft.Win32.Primitives (>= 4.3) - restriction: && (< net46) (>= netstandard1.3) (< netstandard2.0) (< uap10.1)
      System.Collections (>= 4.3) - restriction: && (< net46) (>= netstandard1.3) (< netstandard2.0) (< uap10.1)
      System.Diagnostics.Debug (>= 4.3) - restriction: && (< net46) (>= netstandard1.3) (< netstandard2.0) (< uap10.1)
      System.Reflection (>= 4.3) - restriction: && (< net46) (>= netstandard1.3) (< netstandard2.0) (< uap10.1)
      System.Resources.ResourceManager (>= 4.3) - restriction: && (< net46) (>= netstandard1.3) (< netstandard2.0) (< uap10.1)
      System.Runtime (>= 4.3) - restriction: && (< net46) (>= netstandard1.3) (< netstandard2.0) (< uap10.1)
      System.Runtime.Extensions (>= 4.3) - restriction: && (< net46) (>= netstandard1.3) (< netstandard2.0) (< uap10.1)
      System.Runtime.Handles (>= 4.3) - restriction: && (< net46) (>= netstandard1.3) (< netstandard2.0) (< uap10.1)
      System.Runtime.InteropServices (>= 4.3) - restriction: && (< net46) (>= netstandard1.3) (< netstandard2.0) (< uap10.1)
      System.Security.Claims (>= 4.3) - restriction: || (&& (>= net46) (< net461) (< netstandard2.0)) (&& (< net46) (>= netstandard1.3) (< netstandard2.0) (< uap10.1))
      System.Security.Principal (>= 4.3) - restriction: && (< net46) (>= netstandard1.3) (< netstandard2.0) (< uap10.1)
      System.Text.Encoding (>= 4.3) - restriction: && (< net46) (>= netstandard1.3) (< netstandard2.0) (< uap10.1)
      System.Threading (>= 4.3) - restriction: && (< net46) (>= netstandard1.3) (< netstandard2.0) (< uap10.1)
    System.Text.Encoding (4.3) - restriction: || (&& (>= monoandroid) (>= netstandard1.3)) (>= monotouch) (&& (< net46) (>= net461) (< netstandard2.0)) (&& (>= netcoreapp2.0) (< netstandard2.0)) (&& (>= netcoreapp2.1) (< netstandard2.0)) (>= xamarinios) (>= xamarinmac) (>= xamarintvos) (>= xamarinwatchos)
    System.Threading (4.3) - restriction: || (&& (>= monoandroid) (>= netstandard1.3)) (>= monotouch) (&& (< net46) (>= net461) (< netstandard2.0)) (&& (>= netcoreapp2.0) (< netstandard2.0)) (&& (>= netcoreapp2.1) (< netstandard2.0)) (>= xamarinios) (>= xamarinmac) (>= xamarintvos) (>= xamarinwatchos)
    System.Threading.Tasks.Extensions (4.5.4) - restriction: || (&& (>= net45) (>= netstandard2.0)) (>= net462)
      System.Runtime.CompilerServices.Unsafe (>= 4.5.3) - restriction: || (&& (< monoandroid) (< monotouch) (< net45) (>= netstandard1.0) (< netstandard2.0) (< win8) (< wpa81) (< xamarinios) (< xamarinmac) (< xamarintvos) (< xamarinwatchos)) (&& (< monoandroid) (< netstandard1.0) (>= portable-net45+win8+wp8+wpa81) (< win8)) (&& (>= net45) (< netstandard2.0)) (&& (< net45) (< netcoreapp2.1) (>= netstandard2.0)) (>= net461) (&& (< netstandard1.0) (>= win8)) (&& (< netstandard2.0) (>= wpa81)) (>= wp8)
    System.Windows.Extensions (7.0) - restriction: && (< net462) (< netstandard2.0)
      System.Drawing.Common (>= 7.0)
    WpfAutoGrid (1.4) - restriction: >= net45
