NUGET
  remote: https://api.nuget.org/v3/index.json
    AvalonEdit (6.3.0.90)
    Castle.Core (5.1.1) - restriction: || (&& (>= net45) (>= netstandard2.0)) (>= net462)
    CodingConnected.Topology (1.3) - restriction: >= net45
    CommonServiceLocator (2.0.7) - restriction: >= net45
      NETStandard.Library (>= 1.6.1) - restriction: && (< net46) (< netcoreapp1.0) (>= netstandard1.0) (< netstandard2.0)
      System.ComponentModel (>= 4.3) - restriction: && (< net46) (< netcoreapp1.0) (>= netstandard1.0) (< netstandard2.0)
    DocumentFormat.OpenXml (3.1) - restriction: >= net45
      DocumentFormat.OpenXml.Framework (>= 3.1) - restriction: || (&& (>= net35) (< net40) (< netstandard2.0)) (&& (< net35) (>= netstandard2.0)) (&& (>= net40) (< netstandard2.0)) (>= net46) (>= net8.0)
    DocumentFormat.OpenXml.Framework (3.1) - restriction: || (&& (< net35) (>= net45) (>= netstandard2.0)) (&& (>= net45) (>= net8.0)) (&& (>= net45) (< netstandard2.0)) (>= net46)
    Extended.Wpf.Toolkit (4.6.1) - restriction: >= net45
    FlaUI.Core (4.0) - restriction: >= netstandard2.0
      Microsoft.Win32.Registry (>= 5.0) - restriction: || (&& (< net48) (>= netstandard2.0)) (>= netcoreapp3.1)
      System.Diagnostics.PerformanceCounter (>= 5.0.1) - restriction: || (&& (< net48) (>= netstandard2.0)) (>= netcoreapp3.1)
      System.Drawing.Common (>= 5.0.2) - restriction: || (&& (< net48) (>= netstandard2.0)) (>= netcoreapp3.1)
      System.Management (>= 5.0) - restriction: >= netstandard2.0
      System.Security.Permissions (>= 5.0) - restriction: || (&& (< net48) (>= netstandard2.0)) (>= netcoreapp3.1)
    FlaUI.UIA3 (4.0)
      FlaUI.Core (>= 4.0) - restriction: >= netstandard2.0
      Interop.UIAutomationClient (>= 10.19041) - restriction: >= netstandard2.0
    GitVersionTask (5.5.1) - restriction: >= net45
    gong-wpf-dragdrop (3.2.1) - restriction: >= net45
    Gu.Wpf.DataGrid2D (0.2.4) - restriction: >= net45
    InputSimulator (1.0.4) - restriction: >= net45
    Interop.UIAutomationClient (10.19041) - restriction: >= netstandard2.0
    Markdown.XAML (1.0)
    Microsoft.NETCore.Platforms (7.0.4) - restriction: || (&& (>= monoandroid) (>= netcoreapp2.0) (< netstandard1.3)) (&& (>= monoandroid) (>= netcoreapp2.1) (< netstandard1.3)) (&& (>= monoandroid) (>= netcoreapp3.1) (< netstandard1.3)) (&& (< monoandroid) (>= netcoreapp2.0) (< netcoreapp2.1)) (&& (< monoandroid) (< netcoreapp2.1) (>= netcoreapp3.1)) (&& (< monoandroid) (< netcoreapp3.0) (>= netcoreapp3.1)) (&& (>= monotouch) (>= netcoreapp2.0)) (&& (>= monotouch) (>= netcoreapp2.1)) (&& (>= monotouch) (>= netcoreapp3.1)) (&& (>= net45) (>= netcoreapp2.0) (< netstandard2.0)) (&& (>= net45) (< netstandard1.0)) (&& (>= net45) (< netstandard1.3)) (&& (>= net45) (< netstandard1.5) (>= uap10.0)) (&& (>= net45) (< portable-net45+win8+wpa81)) (&& (>= net45) (>= uap10.1)) (&& (>= net45) (>= wp8)) (&& (< net46) (>= net461) (< netstandard2.0)) (&& (>= net461) (>= netcoreapp2.0)) (&& (>= net461) (>= netcoreapp2.1)) (&& (>= net461) (>= netcoreapp3.1)) (&& (>= netcoreapp2.0) (< netcoreapp2.1) (>= xamarinios)) (&& (>= netcoreapp2.0) (< netcoreapp2.1) (>= xamarinmac)) (&& (>= netcoreapp2.0) (< netcoreapp2.1) (>= xamarintvos)) (&& (>= netcoreapp2.0) (< netcoreapp2.1) (>= xamarinwatchos)) (&& (>= netcoreapp2.0) (>= uap10.1)) (&& (< netcoreapp2.0) (>= netcoreapp2.1)) (&& (< netcoreapp2.0) (>= netcoreapp3.1)) (&& (>= netcoreapp2.1) (< netcoreapp3.0)) (&& (>= netcoreapp2.1) (>= uap10.1)) (&& (< netcoreapp2.1) (>= netcoreapp3.1) (>= xamarintvos)) (&& (< netcoreapp2.1) (>= netcoreapp3.1) (>= xamarinwatchos)) (&& (< netcoreapp3.0) (>= netcoreapp3.1) (>= xamarintvos)) (&& (< netcoreapp3.0) (>= netcoreapp3.1) (>= xamarinwatchos)) (&& (>= netcoreapp3.1) (>= uap10.1))
    Microsoft.Win32.Registry (5.0) - restriction: || (&& (< net48) (>= netstandard2.0)) (>= netcoreapp3.1)
      System.Buffers (>= 4.5.1) - restriction: || (&& (>= monoandroid) (< netstandard1.3)) (>= monotouch) (&& (< net46) (< netcoreapp2.0) (>= netstandard2.0)) (>= xamarinios) (>= xamarinmac) (>= xamarintvos) (>= xamarinwatchos)
      System.Memory (>= 4.5.4) - restriction: || (&& (< monoandroid) (>= netcoreapp2.0) (< netcoreapp2.1) (< xamarinios) (< xamarinmac) (< xamarintvos) (< xamarinwatchos)) (&& (< net46) (< netcoreapp2.0) (>= netstandard2.0) (< xamarinios) (< xamarinmac) (< xamarintvos) (< xamarinwatchos)) (>= uap10.1)
      System.Security.AccessControl (>= 5.0) - restriction: || (&& (>= monoandroid) (< netstandard1.3)) (&& (< monoandroid) (>= netcoreapp2.0)) (>= monotouch) (&& (< net46) (< netcoreapp2.0) (>= netstandard2.0)) (>= net461) (>= netcoreapp2.1) (>= uap10.1) (>= xamarinios) (>= xamarinmac) (>= xamarintvos) (>= xamarinwatchos)
      System.Security.Principal.Windows (>= 5.0) - restriction: || (&& (>= monoandroid) (< netstandard1.3)) (&& (< monoandroid) (>= netcoreapp2.0)) (>= monotouch) (&& (< net46) (< netcoreapp2.0) (>= netstandard2.0)) (>= net461) (>= netcoreapp2.1) (>= uap10.1) (>= xamarinios) (>= xamarinmac) (>= xamarintvos) (>= xamarinwatchos)
    Microsoft.Win32.SystemEvents (8.0) - restriction: >= net6.0
    Microsoft.WindowsAPICodePack.Core (1.1) - restriction: >= net45
    Microsoft.WindowsAPICodePack.Shell (1.1) - restriction: >= net45
      Microsoft.WindowsAPICodePack.Core (>= 1.1)
    MvvmLightLibs (5.4.1.1) - restriction: >= net45
      CommonServiceLocator (>= 2.0.2) - restriction: || (>= monoandroid) (&& (< net35) (>= portable-net45+uap10.0+monoandroid+xamarinios+win8+wp81+wpa81) (< win81) (< wpa81)) (&& (>= net40) (< portable-net45+uap10.0+monoandroid+xamarinios+win8+wp81+wpa81)) (>= net45) (>= uap10.0) (&& (>= win81) (< wpa81)) (&& (< win81) (>= wpa81)) (>= wp81) (>= xamarinios)
    NETStandard.Library (2.0.3) - restriction: && (>= net45) (< net46) (< netstandard2.0)
      Microsoft.NETCore.Platforms (>= 1.1) - restriction: || (&& (>= net45) (< netstandard1.3)) (&& (< net45) (>= netstandard1.1) (< netstandard1.2) (< win8)) (&& (< net45) (>= netstandard1.2) (< netstandard1.3) (< win8) (< wpa81)) (&& (< net45) (>= netstandard1.3) (< netstandard1.4) (< win8) (< wpa81)) (&& (< net45) (>= netstandard1.4) (< netstandard1.5) (< win8) (< wpa81)) (&& (< net45) (>= netstandard1.5) (< netstandard1.6) (< win8) (< wpa81)) (&& (< net45) (>= netstandard1.6) (< netstandard2.0) (< win8) (< wpa81)) (&& (< net45) (>= netstandard2.0)) (&& (>= net46) (< netstandard1.4)) (>= net461) (>= netcoreapp2.0) (&& (>= netstandard1.0) (< portable-net45+win8+wpa81)) (&& (< netstandard1.0) (>= portable-net45+win8) (< win8)) (&& (< netstandard1.0) (< portable-net45+win8) (>= portable-net45+win8+wpa81)) (&& (< netstandard1.0) (>= portable-net45+win8+wp8+wpa81) (< portable-net45+win8+wpa81)) (&& (< netstandard1.0) (>= win8)) (&& (< netstandard1.3) (< win8) (>= wpa81)) (&& (< netstandard1.5) (>= uap10.0)) (>= uap10.1) (>= wp8)
      System.Runtime.InteropServices.RuntimeInformation (>= 4.3) - restriction: || (&& (>= net45) (< netstandard1.3)) (&& (< net45) (>= netstandard1.1) (< netstandard1.2) (< win8)) (&& (< net45) (>= netstandard1.2) (< netstandard1.3) (< win8) (< wpa81)) (&& (< net45) (>= netstandard1.3) (< netstandard1.4) (< win8) (< wpa81)) (&& (< net45) (>= netstandard1.4) (< netstandard1.5) (< win8) (< wpa81)) (&& (< net45) (>= netstandard1.5) (< netstandard1.6) (< win8) (< wpa81)) (&& (< net45) (>= netstandard1.6) (< netstandard2.0) (< win8) (< wpa81)) (&& (>= net46) (< netstandard1.4)) (&& (< netstandard1.0) (>= portable-net45+win8) (< win8)) (&& (< netstandard1.0) (< portable-net45+win8) (>= portable-net45+win8+wpa81)) (&& (< netstandard1.0) (>= win8)) (&& (< netstandard1.3) (< win8) (>= wpa81)) (&& (< netstandard1.5) (>= uap10.0) (< uap10.1))
    NewtonSoft.Json (13.0.3) - restriction: >= net45
    NSubstitute (5.1) - restriction: >= net45
      Castle.Core (>= 5.1.1) - restriction: || (>= net462) (>= netstandard2.0)
      System.Threading.Tasks.Extensions (>= 4.3) - restriction: || (>= net462) (&& (< net6.0) (>= netstandard2.0))
    NUnit (4.2.2) - restriction: >= net45
      System.Memory (>= 4.5.5) - restriction: >= net462
      System.Threading.Tasks.Extensions (>= 4.5.4) - restriction: >= net462
      System.ValueTuple (>= 4.5) - restriction: >= net462
    NUnit3TestAdapter (4.6)
    System.Buffers (4.5.1) - restriction: || (&& (>= monoandroid) (>= netcoreapp3.1) (< netstandard1.3)) (&& (>= monoandroid) (< netstandard1.3) (>= netstandard2.0)) (&& (>= monotouch) (>= netcoreapp3.1)) (&& (>= monotouch) (>= netstandard2.0)) (&& (< net46) (< netcoreapp2.0) (>= netstandard2.0)) (>= net462) (&& (< netcoreapp2.0) (>= netcoreapp3.1)) (&& (>= netcoreapp3.1) (>= xamarintvos)) (&& (>= netcoreapp3.1) (>= xamarinwatchos)) (&& (>= netstandard2.0) (>= xamarintvos)) (&& (>= netstandard2.0) (>= xamarinwatchos)) (>= xamarinios) (>= xamarinmac)
    System.CodeDom (8.0) - restriction: >= netstandard2.0
    System.ComponentModel (4.3) - restriction: && (>= net45) (< net46) (< netstandard2.0)
    System.Configuration.ConfigurationManager (8.0) - restriction: >= net6.0
      System.Diagnostics.EventLog (>= 8.0) - restriction: >= net7.0
      System.Security.Cryptography.ProtectedData (>= 8.0) - restriction: || (&& (< net462) (>= netstandard2.0)) (>= net6.0)
    System.Diagnostics.EventLog (8.0) - restriction: >= net7.0
    System.Diagnostics.PerformanceCounter (8.0) - restriction: || (&& (< net48) (>= netstandard2.0)) (>= netcoreapp3.1)
      System.Configuration.ConfigurationManager (>= 8.0) - restriction: >= net6.0
    System.Drawing.Common (8.0.8) - restriction: || (&& (< net48) (>= netstandard2.0)) (>= netcoreapp3.1)
      Microsoft.Win32.SystemEvents (>= 8.0) - restriction: >= net6.0
    System.Management (8.0) - restriction: >= netstandard2.0
      System.CodeDom (>= 8.0) - restriction: >= netstandard2.0
    System.Memory (4.5.5) - restriction: || (&& (< monoandroid) (>= netcoreapp2.0) (< netcoreapp2.1) (< xamarinios) (< xamarinmac) (< xamarintvos) (< xamarinwatchos)) (&& (< monoandroid) (< netcoreapp2.1) (>= netcoreapp3.1) (< xamarinios) (< xamarinmac) (< xamarintvos) (< xamarinwatchos)) (&& (< net46) (< netcoreapp2.0) (>= netstandard2.0) (< xamarinios) (< xamarinmac) (< xamarintvos) (< xamarinwatchos)) (>= net462) (&& (< netcoreapp2.0) (>= netcoreapp3.1) (< xamarinios) (< xamarinmac) (< xamarintvos) (< xamarinwatchos)) (&& (>= netcoreapp3.1) (>= uap10.1)) (&& (>= netstandard2.0) (>= uap10.1))
      System.Buffers (>= 4.5.1) - restriction: || (&& (>= monoandroid) (< netstandard1.1)) (&& (< monoandroid) (< net45) (>= netstandard1.1) (< netstandard2.0) (< win8) (< wpa81)) (&& (< monoandroid) (< netstandard1.1) (>= portable-net45+win8+wpa81) (< win8)) (>= monotouch) (&& (>= net45) (< netstandard2.0)) (&& (< net45) (< netcoreapp2.0) (>= netstandard2.0)) (>= net461) (&& (< netstandard1.1) (>= win8)) (&& (< netstandard2.0) (< uap10.1) (>= wpa81)) (>= xamarinios) (>= xamarinmac) (>= xamarintvos) (>= xamarinwatchos)
      System.Numerics.Vectors (>= 4.5) - restriction: >= net461
      System.Runtime.CompilerServices.Unsafe (>= 4.5.3) - restriction: || (&& (>= monoandroid) (< netstandard1.1)) (&& (< monoandroid) (< net45) (>= netstandard1.1) (< netstandard2.0) (< win8) (< wpa81)) (&& (< monoandroid) (>= netcoreapp2.0) (< netcoreapp2.1)) (&& (< monoandroid) (< netstandard1.1) (>= portable-net45+win8+wpa81) (< win8)) (>= monotouch) (&& (>= net45) (< netstandard2.0)) (&& (< net45) (< netcoreapp2.0) (>= netstandard2.0)) (>= net461) (&& (< netstandard1.1) (>= win8)) (&& (< netstandard2.0) (>= wpa81)) (>= uap10.1) (>= xamarinios) (>= xamarinmac) (>= xamarintvos) (>= xamarinwatchos)
    System.Numerics.Vectors (4.5) - restriction: >= net462
    System.Runtime.CompilerServices.Unsafe (6.0) - restriction: >= net462
    System.Runtime.InteropServices.RuntimeInformation (4.3) - restriction: || (&& (>= net45) (< netstandard1.0)) (&& (>= net45) (< netstandard1.3)) (&& (>= net45) (< netstandard1.5) (>= uap10.0))
    System.Security.AccessControl (6.0.1) - restriction: || (&& (>= monoandroid) (>= netcoreapp3.1) (< netstandard1.3)) (&& (>= monoandroid) (< netstandard1.3) (>= netstandard2.0)) (&& (< monoandroid) (>= netcoreapp2.0)) (&& (< monoandroid) (>= netcoreapp3.1)) (&& (>= monotouch) (>= netcoreapp3.1)) (&& (>= monotouch) (>= netstandard2.0)) (&& (< net46) (< netcoreapp2.0) (>= netstandard2.0)) (&& (>= net461) (< net48) (>= netstandard2.0)) (&& (>= net461) (>= netcoreapp3.1)) (&& (>= net462) (< net48) (>= netstandard2.0)) (&& (>= net462) (>= netcoreapp3.1)) (&& (< net48) (< net6.0) (>= netstandard2.0)) (&& (< net6.0) (>= netcoreapp3.1)) (&& (< netcoreapp2.0) (>= netcoreapp3.1)) (>= netcoreapp2.1) (&& (>= netcoreapp3.1) (>= uap10.1)) (&& (>= netcoreapp3.1) (>= xamarintvos)) (&& (>= netcoreapp3.1) (>= xamarinwatchos)) (&& (>= netstandard2.0) (>= uap10.1)) (&& (>= netstandard2.0) (>= xamarintvos)) (&& (>= netstandard2.0) (>= xamarinwatchos)) (>= xamarinios) (>= xamarinmac)
      System.Security.Principal.Windows (>= 5.0) - restriction: || (>= net461) (&& (< net6.0) (>= netstandard2.0))
    System.Security.Cryptography.ProtectedData (8.0) - restriction: >= net6.0
    System.Security.Permissions (8.0) - restriction: || (&& (< net48) (>= netstandard2.0)) (>= netcoreapp3.1)
      System.Security.AccessControl (>= 6.0) - restriction: || (>= net462) (&& (< net6.0) (>= netstandard2.0))
      System.Windows.Extensions (>= 8.0) - restriction: >= net6.0
    System.Security.Principal.Windows (5.0) - restriction: || (&& (>= monoandroid) (>= netcoreapp3.1) (< netstandard1.3)) (&& (>= monoandroid) (< netstandard1.3) (>= netstandard2.0)) (&& (< monoandroid) (>= netcoreapp2.0)) (&& (< monoandroid) (>= netcoreapp3.1)) (&& (>= monotouch) (>= netcoreapp3.1)) (&& (>= monotouch) (>= netstandard2.0)) (&& (< net46) (< netcoreapp2.0) (>= netstandard2.0)) (&& (>= net461) (< net48) (>= netstandard2.0)) (&& (>= net461) (>= netcoreapp3.1)) (&& (>= net462) (< net48) (>= netstandard2.0)) (&& (>= net462) (>= netcoreapp3.1)) (&& (< net48) (< net6.0) (>= netstandard2.0)) (&& (< net6.0) (>= netcoreapp3.1)) (&& (< netcoreapp2.0) (>= netcoreapp3.1)) (>= netcoreapp2.1) (&& (>= netcoreapp3.1) (>= uap10.1)) (&& (>= netcoreapp3.1) (>= xamarintvos)) (&& (>= netcoreapp3.1) (>= xamarinwatchos)) (&& (>= netstandard2.0) (>= uap10.1)) (&& (>= netstandard2.0) (>= xamarintvos)) (&& (>= netstandard2.0) (>= xamarinwatchos)) (>= xamarinios) (>= xamarinmac)
      Microsoft.NETCore.Platforms (>= 5.0) - restriction: || (&& (>= netcoreapp2.0) (< netcoreapp2.1)) (&& (>= netcoreapp2.1) (< netcoreapp3.0))
    System.Threading.Tasks.Extensions (4.5.4) - restriction: >= net462
      System.Runtime.CompilerServices.Unsafe (>= 4.5.3) - restriction: || (&& (< monoandroid) (< monotouch) (< net45) (>= netstandard1.0) (< netstandard2.0) (< win8) (< wpa81) (< xamarintvos) (< xamarinwatchos)) (&& (< monoandroid) (< netstandard1.0) (>= portable-net45+win8+wp8+wpa81) (< win8)) (&& (>= net45) (< netstandard2.0)) (&& (< net45) (< netcoreapp2.1) (>= netstandard2.0) (< xamarinios) (< xamarinmac) (< xamarintvos) (< xamarinwatchos)) (>= net461) (&& (< netstandard1.0) (>= win8)) (&& (< netstandard2.0) (>= wpa81)) (>= wp8)
    System.ValueTuple (4.5) - restriction: >= net462
    System.Windows.Extensions (8.0) - restriction: >= net6.0
    WpfAutoGrid (1.4) - restriction: >= net45
